GEM
  remote: https://rubygems.org/
  specs:
    minitest (5.20.0)
    rake (13.0.6)

PLATFORMS
  arm64-darwin-23
  arm64-darwin-24

DEPENDENCIES
  minitest
  rake

RUBY VERSION
   ruby 3.3.6p108

BUNDLED WITH
   2.4.20
